GIT
  remote: git://github.com/meddle0x53/reacto.git
  revision: 5f6a17b18cdc288b9290945e76cace7996932c22
  branch: version-1.0.0
  specs:
    reacto (1.0.0)
      concurrent-ruby (~> 1.0.0)

GEM
  remote: https://rubygems.org/
  specs:
    concurrent-ruby (1.0.2)
    mime-types (1.25.1)
    mini_portile (0.5.1)
    nokogiri (1.6.0)
      mini_portile (~> 0.5.0)
    pg (0.16.0)
    rest-client (1.6.7)
      mime-types (>= 1.16)

PLATFORMS
  ruby

DEPENDENCIES
  nokogiri (~> 1.6.0)
  pg (~> 0.16.0)
  reacto (~> 1.0.0)!
  rest-client (~> 1.6.7)
