GEM
  remote: https://rubygems.org/
  specs:
    concurrent-ruby (1.0.1)
    mime-types (1.25.1)
    mini_portile (0.5.1)
    nokogiri (1.6.0)
      mini_portile (~> 0.5.0)
    reacto (0.0.0)
      concurrent-ruby (~> 1.0.0)
    rest-client (1.6.7)
      mime-types (>= 1.16)

PLATFORMS
  ruby

DEPENDENCIES
  nokogiri
  reacto (~> 0.0.0)
  rest-client (~> 1.6.7)
